PATH
  remote: /Users/colinta/Code/rubymotion/BubbleWrap
  specs:
    bubble-wrap (1.1.2)

PATH
  remote: /Users/colinta/Code/rubymotion/sugarcube
  specs:
    sugarcube (0.9.2)
      rake

PATH
  remote: /Users/colinta/Code/rubymotion/sweettea
  specs:
    sweettea (0.2.8)
      rake
      sugarcube
      teacup

PATH
  remote: /Users/colinta/Code/rubymotion/teacup
  specs:
    teacup (0.3.13)
      rake

GEM
  specs:
    rake (0.9.2.2)

PLATFORMS
  ruby

DEPENDENCIES
  bubble-wrap!
  sugarcube!
  sweettea!
  teacup!
